PATH
  remote: .
  specs:
    script_notifier (0.0.9)
      activesupport (~> 3.2.12)
      airbrake
      ffi-rzmq (~> 0.9.6)
      json (~> 1.5.4)

GEM
  remote: http://rubygems.org/
  specs:
    activesupport (3.2.13)
      i18n (= 0.6.1)
      multi_json (~> 1.0)
    airbrake (3.1.11)
      activesupport
      builder
      json
    builder (3.2.0)
    diff-lcs (1.1.3)
    ffi (1.7.0)
    ffi-rzmq (0.9.7)
      ffi
    i18n (0.6.1)
    json (1.5.5)
    multi_json (1.7.2)
    rake (0.9.2.2)
    rspec (2.8.0)
      rspec-core (~> 2.8.0)
      rspec-expectations (~> 2.8.0)
      rspec-mocks (~> 2.8.0)
    rspec-core (2.8.0)
    rspec-expectations (2.8.0)
      diff-lcs (~> 1.1.2)
    rspec-mocks (2.8.0)
    timecop (0.3.5)

PLATFORMS
  ruby

DEPENDENCIES
  bundler (~> 1.0)
  rake (~> 0.9.2)
  rspec (~> 2.8.0)
  script_notifier!
  timecop
