PATH
  remote: .
  specs:
    script_notifier (0.0.9)
      activesupport (~> 3.2.12)
      airbrake
      curb (~> 0.7.16)
      ffi-rzmq (~> 0.9.6)
      handsoap (~> 1.1.7)
      json (~> 1.5.4)
      mail (~> 2.5.3)
      nokogiri (~> 1.5.0)
      twitter (~> 4.6.2)

GEM
  remote: http://rubygems.org/
  specs:
    activesupport (3.2.13)
      i18n (= 0.6.1)
      multi_json (~> 1.0)
    addressable (2.3.4)
    airbrake (3.1.11)
      activesupport
      builder
      json
    builder (3.2.0)
    crack (0.3.2)
    curb (0.7.18)
    diff-lcs (1.1.3)
    faraday (0.8.7)
      multipart-post (~> 1.1)
    ffi (1.8.1)
    ffi-rzmq (0.9.7)
      ffi
    handsoap (1.1.8)
    i18n (0.6.1)
    json (1.5.5)
    mail (2.5.3)
      i18n (>= 0.4.0)
      mime-types (~> 1.16)
      treetop (~> 1.4.8)
    mime-types (1.23)
    multi_json (1.7.2)
    multipart-post (1.2.0)
    nokogiri (1.5.9)
    polyglot (0.3.3)
    rake (0.9.2.2)
    rspec (2.8.0)
      rspec-core (~> 2.8.0)
      rspec-expectations (~> 2.8.0)
      rspec-mocks (~> 2.8.0)
    rspec-core (2.8.0)
    rspec-expectations (2.8.0)
      diff-lcs (~> 1.1.2)
    rspec-mocks (2.8.0)
    simple_oauth (0.2.0)
    timecop (0.3.5)
    treetop (1.4.12)
      polyglot
      polyglot (>= 0.3.1)
    twitter (4.6.2)
      faraday (~> 0.8, < 0.10)
      multi_json (~> 1.0)
      simple_oauth (~> 0.2)
    webmock (1.7.10)
      addressable (~> 2.2, > 2.2.5)
      crack (>= 0.1.7)

PLATFORMS
  ruby

DEPENDENCIES
  bundler (~> 1.0)
  rake (~> 0.9.2)
  rspec (~> 2.8.0)
  script_notifier!
  timecop
  webmock (~> 1.7.10)
